GEM
  remote: https://rubygems.org/
  specs:
    cuba (3.4.0)
      rack
    hiredis (0.6.0)
    rack (1.6.4)
    redic (1.5.0)
      hiredis

PLATFORMS
  ruby

DEPENDENCIES
  cuba (= 3.4.0)
  rack
  redic
