GEM
  remote: https://rubygems.org/
  specs:
    hiredis (0.6.0)
    rack (1.6.4)
    redic (1.5.0)
      hiredis
    seg (0.0.1)
    syro (0.0.6)
      rack (~> 1.6.0)
      seg

PLATFORMS
  ruby

DEPENDENCIES
  rack
  redic
  syro
