GEM
  remote: https://rubygems.org/
  specs:
    cuba (3.4.0)
      rack
    hiredis (0.6.0)
    rack (1.6.4)
    rack-test (0.6.3)
      rack (>= 1.0)
    racksh (1.0.0)
      rack (>= 1.0)
      rack-test (>= 0.5)
    redic (1.5.0)
      hiredis

PLATFORMS
  ruby

DEPENDENCIES
  cuba (= 3.4.0)
  rack
  racksh
  redic
